PATH
  remote: .
  specs:
    rack-static-if-present (0.2.0)
      rack (~> 1)

GEM
  remote: http://rubygems.org/
  specs:
    rack (1.3.0)

PLATFORMS
  ruby

DEPENDENCIES
  rack-static-if-present!
