PATH
  remote: .
  specs:
    rack-static-if-present (0.2.0)
      rack (~> 1)

GEM
  remote: http://rubygems.org/
  specs:
    bacon (1.1.0)
    columnize (0.3.2)
    linecache (0.43)
    rack (1.3.0)
    ruby-debug (0.10.4)
      columnize (>= 0.1)
      ruby-debug-base (~> 0.10.4.0)
    ruby-debug-base (0.10.4)
      linecache (>= 0.3)

PLATFORMS
  ruby

DEPENDENCIES
  bacon
  rack-static-if-present!
  ruby-debug
